GEM
  remote: https://rubygems.org/
  specs:
    rouge (3.28.0)
    webrick (1.7.0)

PLATFORMS
  x86_64-linux

DEPENDENCIES
  rouge
  webrick

BUNDLED WITH
   2.3.10
